GEM
  remote: https://rubygems.org/
  specs:
    activemodel (5.0.7.1)
      activesupport (= 5.0.7.1)
    activerecord (6.0.3.2)
      activemodel (= 6.0.3.2)
      activesupport (= 6.0.3.2)
      arel (~> 7.0)
    activesupport (5.2.4.3)
      concurrent-ruby (~> 1.0, >= 1.0.2)
      i18n (>= 0.7, < 2)
      minitest (~> 5.1)
      tzinfo (~> 1.1)
    acts_as_bookable (0.1.4)
      activerecord (>= 3.2, < 5.1)
      ice_cube_chosko (~> 0.1.0)
    arel (7.1.4)
    bcrypt (3.1.12)
    coderay (1.1.2)
    concurrent-ruby (1.1.3)
    i18n (1.1.1)
      concurrent-ruby (~> 1.0)
    ice_cube_chosko (0.1.1)
    json (2.1.0)
    method_source (0.9.2)
    minitest (5.11.3)
    mustermann (1.0.3)
    pg (1.1.3)
    pry (0.12.2)
      coderay (~> 1.1.0)
      method_source (~> 0.9.0)
    rack (2.1.4)
    rack-protection (2.0.4)
      rack
    sinatra (2.0.4)
      mustermann (~> 1.0)
      rack (~> 2.0)
      rack-protection (= 2.0.4)
      tilt (~> 2.0)
    sinatra-activerecord (2.0.13)
      activerecord (>= 3.2)
      sinatra (>= 1.0)
    sinatra-cross_origin (0.4.0)
    thread_safe (0.3.6)
    tilt (2.0.9)
    tzinfo (1.2.5)
      thread_safe (~> 0.1)

PLATFORMS
  ruby

DEPENDENCIES
  acts_as_bookable
  bcrypt
  json
  pg
  pry
  sinatra
  sinatra-activerecord
  sinatra-cross_origin

BUNDLED WITH
   1.17.1
